GEM
  specs:
    jbundler (0.4.1)
      maven-tools (~> 0.32.1)
      ruby-maven (~> 3.0.4)
    maven-tools (0.32.4)
    ruby-maven (3.0.4.1.4)
      maven-tools (~> 0.32.3)
      thor (>= 0.14.6, < 2.0)
    stunted (0.0.2)
    thor (0.17.0)

PLATFORMS
  java

DEPENDENCIES
  jbundler
  stunted
